PATH
  remote: .
  specs:
    inquirer (0.2.1)
      term-ansicolor (>= 1.3)

GEM
  remote: https://rubygems.org/
  specs:
    minitest (5.8.3)
    rake (10.5.0)
    term-ansicolor (1.3.2)
      tins (~> 1.0)
    tins (1.6.0)

PLATFORMS
  ruby

DEPENDENCIES
  inquirer!
  minitest
  rake

BUNDLED WITH
   1.11.2
