PATH
  remote: .
  specs:
    inquirer (0.3.0)
      term-ansicolor (>= 1.3)

GEM
  remote: https://rubygems.org/
  specs:
    minitest (5.8.3)
    rake (13.0.1)
    sync (0.5.0)
    term-ansicolor (1.7.1)
      tins (~> 1.0)
    tins (1.24.1)
      sync

PLATFORMS
  ruby

DEPENDENCIES
  inquirer!
  minitest
  rake

BUNDLED WITH
   1.17.3
